GEM
  remote: https://rubygems.org/
  specs:
    addressable (2.7.0)
      public_suffix (>= 2.0.2, < 5.0)
    fileutils (1.4.1)
    openssl (2.2.0)
    public_suffix (4.0.5)
    rotp (6.0.0)
      addressable (~> 2.7)
    yaml (0.1.0)

PLATFORMS
  ruby

DEPENDENCIES
  fileutils
  openssl
  rotp
  yaml

BUNDLED WITH
   2.1.4
